RESTRICTION: == net472
NUGET
  remote: https://www.nuget.org/api/v2
    Castle.Core (4.4)
    DataAnnotationsValidator (2.1)
    Gigya.Microdot.Configuration (1.14.2)
      DataAnnotationsValidator (>= 2.1 < 2.2)
      Gigya.Microdot.Interfaces (1.14.2)
      Gigya.Microdot.SharedLogic (1.14.2)
      Gigya.ServiceContract (>= 2.7.1 < 3.0)
      Metrics.NET (>= 0.5.5 < 1.0)
      Newtonsoft.Json (>= 9.0.1)
      System.ComponentModel.Annotations (>= 4.5 < 5.0)
      System.Threading.Tasks.Dataflow (>= 4.9 < 5.0)
    Gigya.Microdot.Hosting (1.14.2)
      DataAnnotationsValidator (>= 2.1 < 2.2)
      Gigya.Microdot.Configuration (1.14.2)
      Gigya.Microdot.Interfaces (1.14.2)
      Gigya.Microdot.ServiceDiscovery (1.14.2)
      Gigya.Microdot.SharedLogic (1.14.2)
      Gigya.ServiceContract (>= 2.7.1 < 3.0)
      Metrics.NET (>= 0.5.5 < 1.0)
      Newtonsoft.Json (>= 9.0.1)
      System.Collections.Immutable (>= 1.5)
      System.Threading.Tasks.Dataflow (>= 4.9 < 5.0)
      System.ValueTuple (>= 4.5)
    Gigya.Microdot.Interfaces (1.14.2)
      Newtonsoft.Json (>= 9.0.1)
    Gigya.Microdot.Logging.NLog (1.14.2)
      Gigya.Microdot.Interfaces (1.14.2)
      Gigya.Microdot.Ninject (1.14.2)
      Gigya.Microdot.SharedLogic (1.14.2)
      Ninject (>= 3.3.4 < 4.0)
      NLog (>= 4.5.11 < 5.0)
    Gigya.Microdot.Ninject (1.14.2)
      Castle.Core (>= 4.3.1 < 5.0)
      Gigya.Microdot.Configuration (1.14.2)
      Gigya.Microdot.Hosting (1.14.2)
      Gigya.Microdot.Interfaces (1.14.2)
      Gigya.Microdot.ServiceDiscovery (1.14.2)
      Gigya.Microdot.ServiceProxy (1.14.2)
      Gigya.Microdot.SharedLogic (1.14.2)
      Gigya.ServiceContract (>= 2.7.1 < 3.0)
      Metrics.NET (>= 0.5.5 < 1.0)
      Ninject (>= 3.3.4 < 4.0)
      ninject.extensions.conventions (>= 3.3 < 4.0)
      Ninject.Extensions.Factory (>= 3.3.2 < 4.0)
      System.Threading.Tasks.Dataflow (>= 4.9 < 5.0)
    Gigya.Microdot.Orleans.Hosting (1.14.2)
      Gigya.Microdot.Hosting (1.14.2)
      Gigya.Microdot.Interfaces (1.14.2)
      Gigya.Microdot.SharedLogic (1.14.2)
      Gigya.ServiceContract (>= 2.7.1 < 3.0)
      Metrics.NET (>= 0.5.5 < 1.0)
      Microsoft.CodeAnalysis.Common (1.3.2)
      Microsoft.CodeAnalysis.CSharp (1.3.2)
      Microsoft.Orleans.Core (1.3.1)
      Microsoft.Orleans.OrleansCodeGenerator (1.3.1)
      Microsoft.Orleans.OrleansCodeGenerator.Build (1.3.1)
      Microsoft.Orleans.OrleansProviders (1.3.1)
      Microsoft.Orleans.OrleansRuntime (1.3.1)
      Microsoft.Orleans.OrleansSqlUtils (1.3.1)
      Microsoft.Orleans.OrleansZooKeeperUtils (1.3.1)
      System.Threading.Tasks.Dataflow (>= 4.9 < 5.0)
    Gigya.Microdot.Orleans.Ninject.Host (1.14.2)
      Gigya.Microdot.Configuration (1.14.2)
      Gigya.Microdot.Hosting (1.14.2)
      Gigya.Microdot.Interfaces (1.14.2)
      Gigya.Microdot.Ninject (1.14.2)
      Gigya.Microdot.Orleans.Hosting (1.14.2)
      Gigya.Microdot.SharedLogic (1.14.2)
      Gigya.ServiceContract (>= 2.7.1 < 3.0)
      Microsoft.Extensions.DependencyInjection (1.1.1)
      Microsoft.Extensions.DependencyInjection.Abstractions (1.1.1)
      Microsoft.Orleans.Core (1.3.1)
      Microsoft.Orleans.OrleansProviders (1.3.1)
      Microsoft.Orleans.OrleansRuntime (1.3.1)
      Ninject (>= 3.3.4 < 4.0)
      ninject.extensions.conventions (>= 3.3 < 4.0)
      Ninject.Extensions.Factory (>= 3.3.2 < 4.0)
    Gigya.Microdot.ServiceDiscovery (1.14.2)
      Gigya.Microdot.Configuration (1.14.2)
      Gigya.Microdot.Interfaces (1.14.2)
      Gigya.Microdot.SharedLogic (1.14.2)
      Gigya.ServiceContract (>= 2.7.1 < 3.0)
      Metrics.NET (>= 0.5.5 < 1.0)
      Newtonsoft.Json (>= 9.0.1)
      Nito.AsyncEx (>= 4.0.1 < 5.0)
      System.Collections.Immutable (>= 1.5)
      System.Threading.Tasks.Dataflow (>= 4.9 < 5.0)
      System.ValueTuple (>= 4.5)
    Gigya.Microdot.ServiceProxy (1.14.2)
      Gigya.Microdot.Interfaces (1.14.2)
      Gigya.Microdot.ServiceDiscovery (1.14.2)
      Gigya.Microdot.SharedLogic (1.14.2)
      Gigya.ServiceContract (>= 2.7.1 < 3.0)
      Metrics.NET (>= 0.5.5 < 1.0)
      Newtonsoft.Json (>= 9.0.1)
      Nito.AsyncEx (>= 4.0.1 < 5.0)
      System.Collections.Immutable (>= 1.5)
      System.Threading.Tasks.Dataflow (>= 4.9 < 5.0)
      System.ValueTuple (>= 4.5)
    Gigya.Microdot.SharedLogic (1.14.2)
      Gigya.Microdot.Interfaces (1.14.2)
      Gigya.ServiceContract (>= 2.7.1 < 3.0)
      Metrics.NET (>= 0.5.5 < 1.0)
      Newtonsoft.Json (>= 9.0.1)
      System.Threading.Tasks.Dataflow (>= 4.9 < 5.0)
      System.ValueTuple (>= 4.5)
    Gigya.ServiceContract (2.7.1)
      Newtonsoft.Json (>= 9.0.1)
    Metrics.NET (0.5.5)
    Microsoft.Bcl (1.1.10)
      Microsoft.Bcl.Build (>= 1.0.14)
    Microsoft.Bcl.Async (1.0.168)
      Microsoft.Bcl (>= 1.1.8)
    Microsoft.Bcl.Build (1.0.21) - import_targets: false
    Microsoft.CodeAnalysis.Analyzers (2.9.7)
    Microsoft.CodeAnalysis.Common (1.3.2)
      Microsoft.CodeAnalysis.Analyzers (>= 1.1)
      System.AppContext (>= 4.1)
      System.Collections (>= 4.0.11)
      System.Collections.Concurrent (>= 4.0.12)
      System.Collections.Immutable (>= 1.2)
      System.Console (>= 4.0)
      System.Diagnostics.Debug (>= 4.0.11)
      System.Diagnostics.FileVersionInfo (>= 4.0)
      System.Diagnostics.StackTrace (>= 4.0.1)
      System.Diagnostics.Tools (>= 4.0.1)
      System.Dynamic.Runtime (>= 4.0.11)
      System.Globalization (>= 4.0.11)
      System.IO.FileSystem (>= 4.0.1)
      System.IO.FileSystem.Primitives (>= 4.0.1)
      System.Linq (>= 4.1)
      System.Linq.Expressions (>= 4.1)
      System.Reflection (>= 4.1)
      System.Reflection.Metadata (>= 1.3)
      System.Reflection.Primitives (>= 4.0.1)
      System.Resources.ResourceManager (>= 4.0.1)
      System.Runtime (>= 4.1)
      System.Runtime.Extensions (>= 4.1)
      System.Runtime.Handles (>= 4.0.1)
      System.Runtime.InteropServices (>= 4.1)
      System.Runtime.Numerics (>= 4.0.1)
      System.Security.Cryptography.Algorithms (>= 4.2)
      System.Security.Cryptography.Encoding (>= 4.0)
      System.Security.Cryptography.X509Certificates (>= 4.1)
      System.Text.Encoding (>= 4.0.11)
      System.Text.Encoding.CodePages (>= 4.0.1)
      System.Text.Encoding.Extensions (>= 4.0.11)
      System.Threading (>= 4.0.11)
      System.Threading.Tasks (>= 4.0.11)
      System.Threading.Tasks.Parallel (>= 4.0.1)
      System.Threading.Thread (>= 4.0)
      System.Xml.ReaderWriter (>= 4.0.11)
      System.Xml.XDocument (>= 4.0.11)
      System.Xml.XmlDocument (>= 4.0.1)
      System.Xml.XPath.XDocument (>= 4.0.1)
    Microsoft.CodeAnalysis.CSharp (1.3.2)
      Microsoft.CodeAnalysis.Common (1.3.2)
    Microsoft.Extensions.DependencyInjection (1.1.1)
      Microsoft.Extensions.DependencyInjection.Abstractions (>= 1.1.1)
      NETStandard.Library (>= 1.6.1)
    Microsoft.Extensions.DependencyInjection.Abstractions (1.1.1)
      NETStandard.Library (>= 1.6.1)
      System.ComponentModel (>= 4.3)
    Microsoft.NETCore.Platforms (3.0)
    Microsoft.Orleans.Core (1.3.1)
      Newtonsoft.Json (>= 7.0.1)
      System.Collections.Immutable (>= 1.1.37)
    Microsoft.Orleans.OrleansCodeGenerator (1.3.1)
      Microsoft.CodeAnalysis.CSharp (>= 1.3.2)
      Microsoft.Orleans.Core (>= 1.3.1)
    Microsoft.Orleans.OrleansCodeGenerator.Build (1.3.1)
      Microsoft.Orleans.Core (>= 1.3.1)
    Microsoft.Orleans.OrleansProviders (1.3.1)
      Microsoft.Orleans.Core (>= 1.3.1)
    Microsoft.Orleans.OrleansRuntime (1.3.1)
      Microsoft.Extensions.DependencyInjection (>= 1.0)
      Microsoft.Extensions.DependencyInjection.Abstractions (>= 1.0)
      Microsoft.Orleans.Core (>= 1.3.1)
    Microsoft.Orleans.OrleansSqlUtils (1.3.1)
      Microsoft.Orleans.Core (>= 1.3.1)
      Newtonsoft.Json (>= 7.0.1)
    Microsoft.Orleans.OrleansZooKeeperUtils (1.3.1)
      Microsoft.Orleans.Core (>= 1.3.1)
      Microsoft.Orleans.OrleansRuntime (>= 1.3.1)
      ZooKeeperNetEx (>= 3.4.8.5)
    NETStandard.Library (2.0.3)
      Microsoft.NETCore.Platforms (>= 1.1)
    Newtonsoft.Json (12.0.2)
    Ninject (3.3.4)
    ninject.extensions.conventions (3.3)
      Ninject.Extensions.Factory (>= 3.3.2)
    Ninject.Extensions.Factory (3.3.2)
      Castle.Core (>= 4.2)
      Ninject (>= 3.3.3)
    Nito.AsyncEx (4.0.1)
      Microsoft.Bcl (>= 1.1.10)
      Microsoft.Bcl.Async (>= 1.0.168)
      Microsoft.Bcl.Build (>= 1.0.21)
    NLog (4.6.7)
    System.AppContext (4.3)
    System.Buffers (4.5)
    System.Collections (4.3)
    System.Collections.Concurrent (4.3)
    System.Collections.Immutable (1.6)
      System.Memory (>= 4.5.3)
    System.ComponentModel (4.3)
    System.ComponentModel.Annotations (4.6)
    System.Console (4.3.1)
    System.Diagnostics.Debug (4.3)
    System.Diagnostics.FileVersionInfo (4.3)
    System.Diagnostics.StackTrace (4.3)
    System.Diagnostics.Tools (4.3)
    System.Dynamic.Runtime (4.3)
    System.Globalization (4.3)
    System.IO (4.3)
    System.IO.FileSystem (4.3)
      System.IO.FileSystem.Primitives (>= 4.3)
    System.IO.FileSystem.Primitives (4.3)
    System.Linq (4.3)
    System.Linq.Expressions (4.3)
    System.Memory (4.5.3)
      System.Buffers (>= 4.4)
      System.Numerics.Vectors (>= 4.4)
      System.Runtime.CompilerServices.Unsafe (>= 4.5.2)
    System.Numerics.Vectors (4.5)
    System.Reflection (4.3)
    System.Reflection.Metadata (1.7)
      System.Collections.Immutable (>= 1.6)
    System.Reflection.Primitives (4.3)
    System.Resources.ResourceManager (4.3)
    System.Runtime (4.3.1)
    System.Runtime.CompilerServices.Unsafe (4.6)
    System.Runtime.Extensions (4.3.1)
    System.Runtime.Handles (4.3)
    System.Runtime.InteropServices (4.3)
      System.Runtime (>= 4.3)
    System.Runtime.Numerics (4.3)
    System.Security.Cryptography.Algorithms (4.3.1)
      System.IO (>= 4.3)
      System.Runtime (>= 4.3)
      System.Security.Cryptography.Encoding (>= 4.3)
      System.Security.Cryptography.Primitives (>= 4.3)
    System.Security.Cryptography.Encoding (4.3)
    System.Security.Cryptography.Primitives (4.3)
    System.Security.Cryptography.X509Certificates (4.3.2)
      System.Security.Cryptography.Algorithms (>= 4.3)
      System.Security.Cryptography.Encoding (>= 4.3)
    System.Text.Encoding (4.3)
    System.Text.Encoding.CodePages (4.6)
      System.Runtime.CompilerServices.Unsafe (>= 4.6)
    System.Text.Encoding.Extensions (4.3)
    System.Threading (4.3)
    System.Threading.Tasks (4.3)
    System.Threading.Tasks.Dataflow (4.10)
    System.Threading.Tasks.Parallel (4.3)
    System.Threading.Thread (4.3)
    System.ValueTuple (4.5)
    System.Xml.ReaderWriter (4.3.1)
    System.Xml.XDocument (4.3)
    System.Xml.XmlDocument (4.3)
    System.Xml.XPath (4.3)
    System.Xml.XPath.XDocument (4.3)
      System.Xml.XPath (>= 4.3)
    ZooKeeperNetEx (3.4.12.4)
